PATH
  remote: .
  specs:
    traq_webhook (0.2.0)

GEM
  remote: https://rubygems.org/
  specs:
    rake (13.0.1)

PLATFORMS
  ruby

DEPENDENCIES
  bundler (~> 2.0)
  rake (~> 13.0)
  traq_webhook!

BUNDLED WITH
   2.0.1
